PATH
  remote: .
  specs:
    echolon-http (0.1.1)
      addressable
      eson-core
      faraday
      typhoeus

PATH
  remote: ../eson-core
  specs:
    eson-core (0.1.1)
      multi_json

GEM
  remote: http://rubygems.org/
  specs:
    addressable (2.2.7)
    elasticsearch-node (0.6.0)
    faraday (0.7.5)
      addressable (~> 2.2.6)
      multipart-post (~> 1.1.3)
      rack (>= 1.1.0, < 2)
    mime-types (1.18)
    multi_json (1.2.0)
    multipart-post (1.1.4)
    rack (1.4.1)
    riot (0.12.4)
      rr
    rr (1.0.4)
    typhoeus (0.3.3)
      mime-types

PLATFORMS
  ruby

DEPENDENCIES
  echolon-http!
  elasticsearch-node
  eson-core!
  riot
