GIT
  remote: git://github.com/Asquera/riot.git
  revision: f3bd801691ae0796cca42f7ce7c2190b2d8166c2
  branch: option-inheritance-fix
  specs:
    riot (0.12.4)
      rr

PATH
  remote: eson-core
  specs:
    eson-core (0.6.0)
      multi_json

PATH
  remote: eson-dsl
  specs:
    eson-dsl (0.6.0)
      multi_json

PATH
  remote: eson-http
  specs:
    eson-http (0.1.1)
      addressable
      eson-core
      faraday

GEM
  remote: http://rubygems.org/
  specs:
    ZenTest (4.3.0)
    activesupport (3.2.3)
      i18n (~> 0.6)
      multi_json (~> 1.0)
    addressable (2.2.7)
    elasticsearch-node (0.7.0)
    faraday (0.7.6)
      addressable (~> 2.2)
      multipart-post (~> 1.1)
      rack (~> 1.1)
    i18n (0.6.0)
    multi_json (1.2.0)
    multipart-post (1.1.5)
    rack (1.4.1)
    rake (0.9.2.2)
    rr (1.0.4)

PLATFORMS
  ruby

DEPENDENCIES
  ZenTest (= 4.3.0)
  activesupport
  elasticsearch-node
  eson-core!
  eson-dsl!
  eson-http!
  faraday
  jruby-openssl
  rake
  riot!
