PATH
  remote: eson
  specs:
    eson (0.8.0)
      eson-core (= 0.8.0)
      eson-dsl (= 0.8.0)
      eson-http (= 0.8.0)

PATH
  remote: eson-core
  specs:
    eson-core (0.8.0)
      multi_json
      parser
      unparser
      virtus (~> 1.0.3)

PATH
  remote: eson-dsl
  specs:
    eson-dsl (0.8.0)

PATH
  remote: eson-http
  specs:
    eson-http (0.8.0)
      addressable
      eson-core
      faraday (~> 0.8.0)
      net-http-persistent

PATH
  remote: eson-more
  specs:
    eson-more (0.8.0)
      eson-core

GEM
  remote: https://rubygems.org/
  specs:
    ZenTest (4.3.0)
    abstract_type (0.0.7)
    activesupport (3.2.3)
      i18n (~> 0.6)
      multi_json (~> 1.0)
    adamantium (0.2.0)
      ice_nine (~> 0.11.0)
      memoizable (~> 0.4.0)
    addressable (2.3.2)
    ast (2.0.0)
    axiom-types (0.1.1)
      descendants_tracker (~> 0.0.4)
      ice_nine (~> 0.11.0)
      thread_safe (~> 0.3, >= 0.3.1)
    bouncy-castle-java (1.5.0146.1)
    coercible (1.0.0)
      descendants_tracker (~> 0.0.1)
    concord (0.1.5)
      adamantium (~> 0.2.0)
      equalizer (~> 0.0.9)
    descendants_tracker (0.0.4)
      thread_safe (~> 0.3, >= 0.3.1)
    elasticsearch-node (0.7.5)
    equalizer (0.0.9)
    faraday (0.8.4)
      multipart-post (~> 1.1)
    faraday_middleware (0.8.8)
      faraday (>= 0.7.4, < 0.9)
    i18n (0.6.0)
    ice_nine (0.11.0)
    jruby-openssl (0.7.6.1)
      bouncy-castle-java (>= 1.5.0146.1)
    json (1.6.6)
    json (1.6.6-java)
    memoizable (0.4.2)
      thread_safe (~> 0.3, >= 0.3.1)
    multi_json (1.2.0)
    multipart-post (1.1.5)
    net-http-persistent (2.7)
    parser (2.1.9)
      ast (>= 1.1, < 3.0)
      slop (~> 3.4, >= 3.4.5)
    procto (0.0.2)
    rake (0.9.2.2)
    riot (0.12.5)
      rr
    rr (1.0.4)
    slop (3.6.0)
    thread_safe (0.3.4)
    unparser (0.1.14)
      abstract_type (~> 0.0.7)
      adamantium (~> 0.2.0)
      concord (~> 0.1.5)
      equalizer (~> 0.0.9)
      parser (~> 2.1)
      procto (~> 0.0.2)
    virtus (1.0.3)
      axiom-types (~> 0.1)
      coercible (~> 1.0)
      descendants_tracker (~> 0.0, >= 0.0.3)
      equalizer (~> 0.0, >= 0.0.9)

PLATFORMS
  java
  ruby

DEPENDENCIES
  ZenTest (= 4.3.0)
  activesupport
  elasticsearch-node
  eson!
  eson-core!
  eson-dsl!
  eson-http!
  eson-more!
  faraday
  faraday_middleware
  jruby-openssl
  json
  rake
  riot
