GIT
  remote: git://github.com/Asquera/riot.git
  revision: f3bd801691ae0796cca42f7ce7c2190b2d8166c2
  branch: option-inheritance-fix
  specs:
    riot (0.12.4)
      rr

PATH
  remote: eson
  specs:
    eson (0.7.0)
      eson-core (= 0.7.0)
      eson-dsl (= 0.7.0)
      eson-http (= 0.7.0)

PATH
  remote: eson-core
  specs:
    eson-core (0.7.0)
      multi_json

PATH
  remote: eson-dsl
  specs:
    eson-dsl (0.7.0)

PATH
  remote: eson-http
  specs:
    eson-http (0.7.0)
      addressable
      eson-core
      faraday (~> 0.7.0)

PATH
  remote: eson-more
  specs:
    eson-more (0.7.0)
      eson-core

GEM
  remote: http://rubygems.org/
  specs:
    ZenTest (4.3.0)
    activesupport (3.2.3)
      i18n (~> 0.6)
      multi_json (~> 1.0)
    addressable (2.2.7)
    bouncy-castle-java (1.5.0146.1)
    coderay (1.0.6)
    elasticsearch-node (0.7.3)
    faraday (0.7.6)
      addressable (~> 2.2)
      multipart-post (~> 1.1)
      rack (~> 1.1)
    i18n (0.6.0)
    jruby-openssl (0.7.6.1)
      bouncy-castle-java (>= 1.5.0146.1)
    json (1.6.6)
    json (1.6.6-java)
    method_source (0.7.1)
    multi_json (1.2.0)
    multipart-post (1.1.5)
    pry (0.9.9.3)
      coderay (~> 1.0.5)
      method_source (~> 0.7.1)
      slop (>= 2.4.4, < 3)
    rack (1.4.1)
    rake (0.9.2.2)
    rr (1.0.4)
    slop (2.4.4)

PLATFORMS
  java
  ruby

DEPENDENCIES
  ZenTest (= 4.3.0)
  activesupport
  elasticsearch-node
  eson!
  eson-core!
  eson-dsl!
  eson-http!
  eson-more!
  faraday
  jruby-openssl
  json
  pry
  rake
  riot!
