GIT
  remote: git://github.com/Asquera/riot.git
  revision: f3bd801691ae0796cca42f7ce7c2190b2d8166c2
  branch: option-inheritance-fix
  specs:
    riot (0.12.4)
      rr

PATH
  remote: .
  specs:
    eson-dsl (0.6.0)
      multi_json

GEM
  remote: http://rubygems.org/
  specs:
    ZenTest (4.3.0)
    addressable (2.2.7)
    elasticsearch-node (0.6.0)
    faraday (0.7.5)
      addressable (~> 2.2.6)
      multipart-post (~> 1.1.3)
      rack (>= 1.1.0, < 2)
    multi_json (1.2.0)
    multipart-post (1.1.4)
    rack (1.4.1)
    rake (0.9.2.2)
    rr (1.0.4)
    yajl-ruby (1.1.0)

PLATFORMS
  ruby

DEPENDENCIES
  ZenTest (= 4.3.0)
  activesupport
  elasticsearch-node
  eson-dsl!
  faraday
  jruby-openssl
  rake
  riot!
  yajl-ruby
